GEM
  remote: https://rubygems.org/
  specs:
    breakpoint (2.0.5)
      compass (>= 0.12.1)
      sass (>= 3.2.0)
    chunky_png (1.3.4)
    compass (0.12.2)
      chunky_png (~> 1.2)
      fssm (>= 0.2.7)
      sass (~> 3.1)
    diff-lcs (1.2.5)
    fssm (0.2.10)
    mini_portile (0.6.2)
    nokogiri (1.6.6.2)
      mini_portile (~> 0.6.0)
    rack (1.6.0)
    rspec (3.2.0)
      rspec-core (~> 3.2.0)
      rspec-expectations (~> 3.2.0)
      rspec-mocks (~> 3.2.0)
    rspec-core (3.2.2)
      rspec-support (~> 3.2.0)
    rspec-expectations (3.2.0)
      diff-lcs (>= 1.2.0, < 2.0)
      rspec-support (~> 3.2.0)
    rspec-mocks (3.2.1)
      diff-lcs (>= 1.2.0, < 2.0)
      rspec-support (~> 3.2.0)
    rspec-support (3.2.2)
    sass (3.4.13)
    sass-globbing (1.1.1)
      sass (>= 3.1)
    singularitygs (1.1.2)
      breakpoint (>= 2.0.1)
      compass (>= 0.12.2)
      sass (>= 3.2.1)

PLATFORMS
  ruby

DEPENDENCIES
  breakpoint (= 2.0.5)
  compass (= 0.12.2)
  nokogiri
  rack (~> 1.1)
  rspec
  sass (= 3.4.13)
  sass-globbing (>= 1.1.0)
  singularitygs (< 2.0.0)
